PATH
  remote: .
  specs:
    bahn.rb (2.1.1)
      activesupport
      geocoder
      json (~> 1.6)
      mechanize

GEM
  remote: http://rubygems.org/
  specs:
    activesupport (3.2.13)
      i18n (= 0.6.1)
      multi_json (~> 1.0)
    domain_name (0.5.11)
      unf (>= 0.0.5, < 1.0.0)
    geocoder (1.1.8)
    i18n (0.6.1)
    json (1.8.0)
    mechanize (2.6.0)
      domain_name (~> 0.5, >= 0.5.1)
      mime-types (~> 1.17, >= 1.17.2)
      net-http-digest_auth (~> 1.1, >= 1.1.1)
      net-http-persistent (~> 2.5, >= 2.5.2)
      nokogiri (~> 1.4)
      ntlm-http (~> 0.1, >= 0.1.1)
      webrobots (>= 0.0.9, < 0.2)
    mime-types (1.23)
    multi_json (1.7.3)
    net-http-digest_auth (1.3)
    net-http-persistent (2.8)
    nokogiri (1.5.9)
    ntlm-http (0.1.1)
    rake (10.0.4)
    tzinfo (0.3.37)
    unf (0.1.1)
      unf_ext
    unf_ext (0.0.6)
    webrobots (0.1.1)

PLATFORMS
  ruby

DEPENDENCIES
  activesupport
  bahn.rb!
  geocoder (~> 1.1.6)
  json
  mechanize
  rake
  tzinfo
